PATH
  remote: .
  specs:
    capistrano-scm-jenkins (0.5.0)
      capistrano (~> 3.2.1)

GEM
  remote: https://rubygems.org/
  specs:
    capistrano (3.2.1)
      i18n
      rake (>= 10.0.0)
      sshkit (~> 1.3)
    colorize (0.7.3)
    diff-lcs (1.2.5)
    i18n (0.6.11)
    metaclass (0.0.4)
    mocha (1.1.0)
      metaclass (~> 0.0.1)
    net-scp (1.2.1)
      net-ssh (>= 2.6.5)
    net-ssh (2.9.1)
    rake (10.3.2)
    rspec (3.1.0)
      rspec-core (~> 3.1.0)
      rspec-expectations (~> 3.1.0)
      rspec-mocks (~> 3.1.0)
    rspec-core (3.1.7)
      rspec-support (~> 3.1.0)
    rspec-expectations (3.1.2)
      diff-lcs (>= 1.2.0, < 2.0)
      rspec-support (~> 3.1.0)
    rspec-mocks (3.1.3)
      rspec-support (~> 3.1.0)
    rspec-support (3.1.2)
    sshkit (1.5.1)
      colorize
      net-scp (>= 1.1.2)
      net-ssh (>= 2.8.0)

PLATFORMS
  ruby
  x86-mingw32

DEPENDENCIES
  bundler (~> 1.5)
  capistrano-scm-jenkins!
  mocha
  rake
  rspec
